PATH
  remote: .
  specs:
    cache_driver (0.1.0)

GEM
  remote: https://rubygems.org/
  specs:
    rake (10.4.2)

PLATFORMS
  ruby

DEPENDENCIES
  bundler (~> 1.10)
  cache_driver!
  rake (~> 10.0)

BUNDLED WITH
   1.10.3
